GEM
  remote: https://rubygems.org/
  specs:
    dalli (2.6.4)
    json (1.7.5)
    kgio (2.7.4)
    mysql2 (0.3.11)
    rack (1.4.1)
    rack-protection (1.2.0)
      rack
    raindrops (0.10.0)
    shotgun (0.9)
      rack (>= 1.0)
    sinatra (1.3.3)
      rack (~> 1.3, >= 1.3.6)
      rack-protection (~> 1.2)
      tilt (~> 1.3, >= 1.3.3)
    slim (1.3.3)
      temple (~> 0.5.5)
      tilt (~> 1.3.3)
    temple (0.5.5)
    tilt (1.3.3)
    unicorn (4.4.0)
      kgio (~> 2.6)
      rack
      raindrops (~> 0.7)

PLATFORMS
  ruby

DEPENDENCIES
  dalli
  json (= 1.7.5)
  mysql2 (= 0.3.11)
  shotgun
  sinatra (= 1.3.3)
  slim (= 1.3.3)
  unicorn (= 4.4.0)
